GEM
  remote: https://rubygems.org/
  specs:
    coderay (1.1.0)
    method_source (0.8.2)
    mini_portile (0.6.0)
    multi_json (1.9.2)
    nokogiri (1.6.2.1)
      mini_portile (= 0.6.0)
    progressbar (0.21.0)
    pry (0.10.0)
      coderay (~> 1.1.0)
      method_source (~> 0.8.1)
      slop (~> 3.4)
    slop (3.6.0)
    streamio-ffmpeg (1.0.0)

PLATFORMS
  ruby

DEPENDENCIES
  multi_json
  nokogiri
  progressbar
  pry
  streamio-ffmpeg
